GEM
  remote: http://rubygems.org/
  remote: http://gems.github.com/
  specs:
    abstract (1.0.0)
    actionmailer (3.0.0.beta4)
      actionpack (= 3.0.0.beta4)
      mail (~> 2.2.3)
    actionpack (3.0.0.beta4)
      activemodel (= 3.0.0.beta4)
      activesupport (= 3.0.0.beta4)
      builder (~> 2.1.2)
      erubis (~> 2.6.5)
      i18n (~> 0.4.1)
      rack (~> 1.1.0)
      rack-mount (~> 0.6.3)
      rack-test (~> 0.5.4)
      tzinfo (~> 0.3.16)
    active_merchant (1.5.2)
      activesupport (>= 2.3.2)
      builder (>= 2.0.0)
    activemodel (3.0.0.beta4)
      activesupport (= 3.0.0.beta4)
      builder (~> 2.1.2)
      i18n (~> 0.4.1)
    activerecord (3.0.0.beta4)
      activemodel (= 3.0.0.beta4)
      activesupport (= 3.0.0.beta4)
      arel (~> 0.4.0)
      tzinfo (~> 0.3.16)
    activeresource (3.0.0.beta4)
      activemodel (= 3.0.0.beta4)
      activesupport (= 3.0.0.beta4)
    activesupport (3.0.0.beta4)
    arel (0.4.0)
      activesupport (>= 3.0.0.beta)
    aws-s3 (0.6.2)
      builder
      mime-types
      xml-simple
    bcrypt-ruby (2.1.2)
    builder (2.1.2)
    columnize (0.3.1)
    devise (1.1.rc2)
      bcrypt-ruby (~> 2.1.2)
      warden (~> 0.10.7)
    erubis (2.6.6)
      abstract (>= 1.0.0)
    faker (0.3.1)
    fastercsv (1.5.3)
    high_voltage (0.9.0)
    i18n (0.4.1)
    json (1.4.3)
    linecache (0.43)
    lperichon-contacts (1.0.7)
    lperichon-devise_invitable (0.3.0)
      devise (~> 1.1.0)
    machinist (1.0.6)
    mail (2.2.5)
      activesupport (>= 2.3.6)
      mime-types
      treetop (>= 1.4.5)
    mime-types (1.16)
    money (3.0.0)
    nokogiri (1.4.1)
    oauth (0.4.1)
    paperclip (2.3.3)
      activerecord
      activesupport
    polyglot (0.3.1)
    puret (1.0.3)
    rack (1.1.0)
    rack-mount (0.6.12)
      rack (>= 1.0.0)
    rack-test (0.5.4)
      rack (>= 1.0)
    rails (3.0.0.beta4)
      actionmailer (= 3.0.0.beta4)
      actionpack (= 3.0.0.beta4)
      activerecord (= 3.0.0.beta4)
      activeresource (= 3.0.0.beta4)
      activesupport (= 3.0.0.beta4)
      bundler (>= 0.9.26)
      railties (= 3.0.0.beta4)
    railties (3.0.0.beta4)
      actionpack (= 3.0.0.beta4)
      activesupport (= 3.0.0.beta4)
      rake (>= 0.8.3)
      thor (~> 0.13.6)
    rake (0.8.7)
    ruby-debug (0.10.3)
      columnize (>= 0.1)
      ruby-debug-base (~> 0.10.3.0)
    ruby-debug-base (0.10.3)
      linecache (>= 0.3)
    ryanb-acts-as-list (0.1.2)
    sqlite3-ruby (1.2.5)
    state_machine (0.9.1)
    thor (0.13.8)
    treetop (1.4.8)
      polyglot (>= 0.3.1)
    tzinfo (0.3.23)
    warden (0.10.7)
      rack (>= 1.0.0)
    will_paginate (3.0.pre)
    xml-simple (1.0.12)

PLATFORMS
  ruby

DEPENDENCIES
  active_merchant (= 1.5.2)
  aws-s3 (= 0.6.2)
  devise (= 1.1.rc2)
  faker
  fastercsv (= 1.5.3)
  high_voltage (= 0.9.0)
  json (= 1.4.3)
  lperichon-contacts (= 1.0.7)
  lperichon-devise_invitable (= 0.3.0)
  machinist
  money (= 3.0.0)
  nokogiri (= 1.4.1)
  oauth (= 0.4.1)
  paperclip (= 2.3.3)
  puret (= 1.0.3)
  rails (= 3.0.0.beta4)
  ruby-debug
  ryanb-acts-as-list (= 0.1.2)
  sqlite3-ruby (= 1.2.5)
  state_machine (= 0.9.1)
  will_paginate (= 3.0.pre)
