GEM
  remote: http://rubygems.org/
  remote: http://gems.github.com/
  specs:
    abstract (1.0.0)
    actionmailer (3.0.0)
      actionpack (= 3.0.0)
      mail (~> 2.2.5)
    actionpack (3.0.0)
      activemodel (= 3.0.0)
      activesupport (= 3.0.0)
      builder (~> 2.1.2)
      erubis (~> 2.6.6)
      i18n (~> 0.4.1)
      rack (~> 1.2.1)
      rack-mount (~> 0.6.12)
      rack-test (~> 0.5.4)
      tzinfo (~> 0.3.23)
    active_utils (1.0.4)
      activesupport (>= 2.3.11)
      i18n
    activeadmin (0.2.1)
      devise (>= 1.1.2)
      formtastic (>= 1.1.0)
      haml (>= 3.0.18)
      inherited_views
      meta_search (>= 0.9.2)
      rails (>= 3.0.0)
      will_paginate (>= 3.0.pre2)
    activemerchant (1.20.3)
      active_utils (>= 1.0.2)
      activesupport (>= 2.3.11)
      braintree (>= 2.0.0)
      builder (>= 2.0.0)
      i18n
      money (<= 3.7.1)
    activemodel (3.0.0)
      activesupport (= 3.0.0)
      builder (~> 2.1.2)
      i18n (~> 0.4.1)
    activerecord (3.0.0)
      activemodel (= 3.0.0)
      activesupport (= 3.0.0)
      arel (~> 1.0.0)
      tzinfo (~> 0.3.23)
    activeresource (3.0.0)
      activemodel (= 3.0.0)
      activesupport (= 3.0.0)
    activesupport (3.0.0)
    addressable (2.2.6)
    analytical (2.9.0)
    archive-tar-minitar (0.5.2)
    arel (1.0.1)
      activesupport (~> 3.0.0)
    aws-s3 (0.6.2)
      builder
      mime-types
      xml-simple
    bcrypt-ruby (3.1.1)
    braintree (2.16.0)
      builder (>= 2.0.0)
    builder (2.1.2)
    columnize (0.3.4)
    crack (0.1.8)
    devise (1.4.9)
      bcrypt-ruby (~> 3.0)
      orm_adapter (~> 0.0.3)
      warden (~> 1.0.3)
    devise_invitable (0.5.7)
      devise (~> 1.4.1)
      rails (< 3.2, >= 3.0.0)
    erubis (2.6.6)
      abstract (>= 1.0.0)
    facebooker2 (0.0.5)
      mogli (>= 0.0.12)
      ruby-hmac
    faker (0.9.5)
      i18n (~> 0.4)
    faraday (0.8.8)
      multipart-post (~> 1.2.0)
    fb_graph (1.4.0)
      activesupport (>= 2.3)
      json (>= 1.4.3)
      oauth2 (>= 0.1.0)
      rest-client (>= 1.4)
    formtastic (1.2.3)
      actionpack (>= 2.3.7)
      activesupport (>= 2.3.7)
      i18n (~> 0.4)
    geocoder (1.1.8)
    haml (3.1.1)
    has_scope (0.5.0)
    hashie (1.2.0)
    high_voltage (0.9.0)
    httparty (0.7.7)
      crack (= 0.1.8)
    httpauth (0.2.0)
    i18n (0.4.2)
    i18n_data (0.4.0)
    inherited_resources (1.2.2)
      has_scope (~> 0.5.0)
      responders (~> 0.6.0)
    inherited_views (0.0.2)
      formtastic (>= 0.9.8)
      inherited_resources (>= 1.0.6)
      will_paginate (>= 2.3.12)
    json (1.4.3)
    jwt (0.1.8)
      multi_json (>= 1.5)
    linecache19 (0.5.12)
      ruby_core_source (>= 0.1.4)
    lperichon-contacts (1.0.8)
    machinist (1.0.6)
    mail (2.2.20)
      activesupport (>= 2.3.6)
      i18n (>= 0.4.0)
      mime-types (~> 1.16)
      treetop (~> 1.4.8)
    meta_search (0.9.8)
      actionpack (~> 3.0.0)
      activerecord (~> 3.0.0)
      activesupport (~> 3.0.0)
      arel (~> 1.0.1)
    mime-types (1.23)
    mogli (0.0.28)
      httparty (>= 0.4.3)
    money (3.0.0)
    multi_json (1.8.0)
    multipart-post (1.2.0)
    nokogiri (1.5.0)
    oauth (0.4.1)
    oauth2 (0.8.1)
      faraday (~> 0.8)
      httpauth (~> 0.1)
      jwt (~> 0.1.4)
      multi_json (~> 1.0)
      rack (~> 1.2)
    omniauth (1.1.1)
      hashie (~> 1.2)
      rack
    omniauth-cas (0.0.7)
      addressable (~> 2.2)
      nokogiri (~> 1.5)
      omniauth (~> 1.1.0)
    omniauth-facebook (1.4.1)
      omniauth-oauth2 (~> 1.1.0)
    omniauth-oauth (1.0.1)
      oauth
      omniauth (~> 1.0)
    omniauth-oauth2 (1.1.1)
      oauth2 (~> 0.8.0)
      omniauth (~> 1.0)
    omniauth-twitter (1.0.0)
      multi_json (~> 1.3)
      omniauth-oauth (~> 1.0)
    orm_adapter (0.0.7)
    paperclip (2.3.3)
      activerecord
      activesupport
    pg (0.11.0)
    polyglot (0.3.3)
    puret (1.0.3)
    rack (1.2.8)
    rack-mount (0.6.14)
      rack (>= 1.0.0)
    rack-test (0.5.7)
      rack (>= 1.0)
    rails (3.0.0)
      actionmailer (= 3.0.0)
      actionpack (= 3.0.0)
      activerecord (= 3.0.0)
      activeresource (= 3.0.0)
      activesupport (= 3.0.0)
      bundler (~> 1.0.0)
      railties (= 3.0.0)
    railties (3.0.0)
      actionpack (= 3.0.0)
      activesupport (= 3.0.0)
      rake (>= 0.8.4)
      thor (~> 0.14.0)
    rake (0.8.7)
    responders (0.6.4)
    rest-client (1.6.7)
      mime-types (>= 1.16)
    ruby-debug-base19 (0.11.25)
      columnize (>= 0.3.1)
      linecache19 (>= 0.5.11)
      ruby_core_source (>= 0.1.4)
    ruby-debug19 (0.11.6)
      columnize (>= 0.3.1)
      linecache19 (>= 0.5.11)
      ruby-debug-base19 (>= 0.11.19)
    ruby-hmac (0.4.0)
    ruby_core_source (0.1.5)
      archive-tar-minitar (>= 0.5.2)
    ryanb-acts-as-list (0.1.2)
    sqlite3-ruby (1.2.5)
    state_machine (0.9.4)
    stripe (1.8.8)
      multi_json (< 2, >= 1.0.4)
      rest-client (~> 1.4)
    thor (0.14.6)
    treetop (1.4.14)
      polyglot
      polyglot (>= 0.3.1)
    tzinfo (0.3.37)
    warden (1.0.6)
      rack (>= 1.0)
    will_paginate (3.0.pre2)
    xml-simple (1.0.15)

PLATFORMS
  ruby

DEPENDENCIES
  activeadmin
  activemerchant
  analytical (= 2.9.0)
  aws-s3 (= 0.6.2)
  devise (~> 1.4.0)
  devise_invitable (~> 0.5.0)
  facebooker2 (= 0.0.5)
  faker
  fb_graph (= 1.4)
  geocoder
  high_voltage (= 0.9.0)
  i18n_data
  json (= 1.4.3)
  lperichon-contacts (= 1.0.8)
  machinist
  money (= 3.0.0)
  nokogiri (= 1.5.0)
  oauth (= 0.4.1)
  omniauth (= 1.1.1)
  omniauth-cas
  omniauth-facebook
  omniauth-twitter
  paperclip (= 2.3.3)
  pg
  puret (= 1.0.3)
  rails (= 3.0.0)
  rake (= 0.8.7)
  ruby-debug19
  ryanb-acts-as-list (= 0.1.2)
  sqlite3-ruby (= 1.2.5)
  state_machine (= 0.9.4)
  stripe
  will_paginate (= 3.0.pre2)
